GEM
  remote: http://rubygems.org/
  specs:
    daemons (1.2.4)
    dalli (2.7.6)
    json (2.1.0)
    newrelic_plugin (1.3.1)
      json

PLATFORMS
  ruby

DEPENDENCIES
  daemons
  dalli
  newrelic_plugin

BUNDLED WITH
   1.15.0
